GEM
  remote: https://rubygems.org/
  specs:
    google-protobuf (3.18.1-x86_64-linux)
    googleapis-common-protos-types (1.2.0)
      google-protobuf (~> 3.14)
    grpc (1.41.0-x86_64-linux)
      google-protobuf (~> 3.17)
      googleapis-common-protos-types (~> 1.0)
    grpc-tools (1.41.0)

PLATFORMS
  x86_64-linux

DEPENDENCIES
  grpc
  grpc-tools

BUNDLED WITH
   2.2.5
